PATH
  remote: .
  specs:
    dexter (0.0.1)
      parslet

GEM
  remote: http://rubygems.org/
  specs:
    ansi (1.4.1)
    blankslate (2.1.2.4)
    growl (1.0.3)
    guard (0.8.8)
      thor (~> 0.14.6)
    guard-bundler (0.1.3)
      bundler (>= 1.0.0)
      guard (>= 0.2.2)
    guard-minitest (0.4.0)
      guard (~> 0.4)
    metaclass (0.0.1)
    minitest (2.8.1)
    minitest-reporters (0.4.0)
      ansi
      minitest (~> 2.0)
      ruby-progressbar
    mocha (0.10.0)
      metaclass (~> 0.0.1)
    parslet (1.2.3)
      blankslate (~> 2.0)
    rb-fsevent (0.4.3.1)
    ruby-progressbar (0.0.10)
    thor (0.14.6)

PLATFORMS
  ruby

DEPENDENCIES
  dexter!
  growl
  guard
  guard-bundler
  guard-minitest
  minitest
  minitest-reporters
  mocha
  rb-fsevent
